{
    "TaskName": "NiclsCourierClosedLoop",
    "Manufacturer": "BioSemi",
    "PowerLineFrequency": 60.0,
    "SamplingFrequency": 2048.0,
    "SoftwareFilters": "n/a",
    "RecordingDuration": 6142.99951171875,
    "RecordingType": "continuous",
    "EEGReference": "n/a",
    "EEGGround": "n/a",
    "EEGPlacementScheme": "n/a",
    "EEGChannelCount": 128,
    "EOGChannelCount": 4,
    "ECGChannelCount": 0,
    "EMGChannelCount": 0,
    "MiscChannelCount": 4,
    "TriggerChannelCount": 1,
    "CapManufacturer": "BioSemi"
}
